GEM
  remote: https://rubygems.org/
  specs:
    json (2.6.1)
    minitest (5.15.0)
    rake (13.0.6)
    ruby-progressbar (1.11.0)

PLATFORMS
  x86_64-darwin-21

DEPENDENCIES
  json
  minitest
  rake
  ruby-progressbar

BUNDLED WITH
   2.3.9
